GEM
  remote: https://rubygems.org/
  specs:
    eventmachine (1.0.3)
    faraday (0.8.9)
      multipart-post (~> 1.2.0)
    faraday_middleware (0.9.1)
      faraday (>= 0.7.4, < 0.10)
    hashie (2.1.2)
    http_parser.rb (0.5.3)
    json (1.8.1)
    mime-types (1.25.1)
    multi_json (1.10.1)
    multipart-post (1.2.0)
    simple_oauth (0.1.9)
    tinder (1.9.4)
      eventmachine (~> 1.0)
      faraday (~> 0.8.9)
      faraday_middleware (~> 0.9)
      hashie (>= 1.0, < 3)
      json (~> 1.8.0)
      mime-types (~> 1.19)
      multi_json (~> 1.7)
      twitter-stream (~> 0.1)
    twitter (4.1.0)
      faraday (~> 0.8)
      multi_json (~> 1.3)
      simple_oauth (~> 0.1.6)
    twitter-stream (0.1.16)
      eventmachine (>= 0.12.8)
      http_parser.rb (~> 0.5.1)
      simple_oauth (~> 0.1.4)

PLATFORMS
  ruby

DEPENDENCIES
  tinder (= 1.9.4)
  twitter (= 4.1.0)
